GEM
  remote: https://rubygems.org/
  specs:
    diff-lcs (1.1.3)
    multi_json (1.3.7)
    rspec (2.11.0)
      rspec-core (~> 2.11.0)
      rspec-expectations (~> 2.11.0)
      rspec-mocks (~> 2.11.0)
    rspec-core (2.11.1)
    rspec-expectations (2.11.3)
      diff-lcs (~> 1.1.3)
    rspec-mocks (2.11.3)
    sequel (3.41.0)
    simplecov (0.7.1)
      multi_json (~> 1.0)
      simplecov-html (~> 0.7.1)
    simplecov-html (0.7.1)
    sqlite3 (1.3.6)

PLATFORMS
  ruby

DEPENDENCIES
  rspec
  sequel
  simplecov
  sqlite3
